GEM
  remote: https://rubygems.org/
  specs:
    faraday (0.9.0)
      multipart-post (>= 1.2, < 3)
    http_router (0.11.1)
      rack (>= 1.0.0)
      url_mount (~> 0.2.1)
    i18n (0.6.9)
    ice_nine (0.11.0)
    lita (3.2.0)
      bundler (>= 1.3)
      faraday (>= 0.8.7)
      http_router (>= 0.11.1)
      i18n (>= 0.6.9)
      ice_nine (>= 0.11.0)
      multi_json (>= 1.7.7)
      puma (>= 2.7.1)
      rack (>= 1.5.2)
      redis-namespace (>= 1.3.0)
      thor (>= 0.18.1)
    lita-catfacts (0.0.4)
      lita (>= 2.3)
    lita-down-for-everyone (0.0.3)
      lita
    lita-google-images (1.0.5)
      lita (>= 2.0)
    lita-hipchat (1.5.0)
      lita (>= 2.5)
      xmpp4r (>= 0.5.6)
    lita-jenkins (0.0.2)
      lita (>= 3.0)
    lita-karma (2.1.0)
      lita (>= 2.6)
    lita-weather (0.0.3)
      lita (>= 2.3)
    multi_json (1.10.1)
    multipart-post (2.0.0)
    puma (2.8.2)
      rack (>= 1.1, < 2.0)
    rack (1.5.2)
    redis (3.0.7)
    redis-namespace (1.4.1)
      redis (~> 3.0.4)
    thor (0.19.1)
    url_mount (0.2.1)
      rack
    xmpp4r (0.5.6)

PLATFORMS
  ruby

DEPENDENCIES
  lita
  lita-catfacts
  lita-down-for-everyone
  lita-google-images
  lita-hipchat
  lita-jenkins
  lita-karma
  lita-weather
